PATH
  remote: .
  specs:
    tiniest_blockchain_ruby (0.1.0)
      sinatra (~> 1.4)

GEM
  remote: https://rubygems.org/
  specs:
    minitest (5.11.3)
    rack (1.6.8)
    rack-protection (1.5.4)
      rack
    rake (10.5.0)
    sinatra (1.4.8)
      rack (~> 1.5)
      rack-protection (~> 1.4)
      tilt (>= 1.3, < 3)
    tilt (2.0.8)

PLATFORMS
  ruby
  x64-mingw32

DEPENDENCIES
  bundler (~> 1.16)
  minitest (~> 5.0)
  rake (~> 10.0)
  tiniest_blockchain_ruby!

BUNDLED WITH
   1.16.1
